GEM
  remote: https://rubygems.org/
  specs:
    descriptive_statistics (2.5.1)
    eventmachine (1.0.9.1-java)
    graphite-api (0.1.6)
      eventmachine (>= 0.3.3)
      zscheduler (>= 0.0.3)
    rack (1.6.4)
    torquebox-core (4.0.0.beta2-java)
    torquebox-web (4.0.0.beta2-java)
      rack (>= 1.4.0, < 2.0)
      torquebox-core (= 4.0.0.beta2)
    zscheduler (0.0.6)
      eventmachine

PLATFORMS
  java

DEPENDENCIES
  descriptive_statistics
  graphite-api
  torquebox-web (= 4.0.0.beta2)
